GEM
  remote: https://rubygems.org/
  specs:
    activesupport (4.2.2)
      i18n (~> 0.7)
      json (~> 1.7, >= 1.7.7)
      minitest (~> 5.1)
      thread_safe (~> 0.3, >= 0.3.4)
      tzinfo (~> 1.1)
    em-websocket (0.5.1)
      eventmachine (>= 0.12.9)
      http_parser.rb (~> 0.6.0)
    em-websocket-client (0.1.2)
      eventmachine
      websocket
    eventmachine (1.0.7)
    http_parser.rb (0.6.0)
    i18n (0.7.0)
    json (1.8.3)
    memoist (0.12.0)
    minitest (5.7.0)
    ruby-geometry (0.0.5)
      activesupport
      memoist
    thread_safe (0.3.5)
    tzinfo (1.2.2)
      thread_safe (~> 0.1)
    websocket (1.2.2)

PLATFORMS
  ruby

DEPENDENCIES
  em-websocket
  em-websocket-client
  eventmachine
  ruby-geometry
